NUGET
  remote: https://nuget.org/api/v2
  specs:
    Pester (4.0.8)
    Unic.Bob.Keith (2.0.0)
