NUGET
  remote: https://nuget.org/api/v2
  specs:
    Pester (3.3.6)
  remote: https://teamcity.unic.com/httpAuth/app/nuget/v1/FeedService.svc
  specs:
    Unic.Bob.Keith (1.0.0)
