NUGET
  remote: https://www.nuget.org/api/v2
    Pester (4.0.8)
    Unic.Bob.Keith (2.0.2)
