NUGET
  remote: https://nuget.org/api/v2
  specs:
    Pester (3.1.1)
